GEM
  remote: http://rubygems.org/
  specs:
    beefcake (0.3.7)
    builder (3.0.0)
    coderay (1.0.6)
    eventmachine (0.12.10)
    excon (0.13.2)
    foreman (0.41.0)
      thor (>= 0.13.6)
    http_parser.rb (0.5.3)
    i18n (0.6.0)
    json_pure (1.6.6)
    kgio (2.7.4)
    method_source (0.7.1)
    multi_json (1.0.4)
    pry (0.9.8.4)
      coderay (~> 1.0.5)
      method_source (~> 0.7.1)
      slop (>= 2.4.4, < 3)
    rack (1.4.1)
    rack-protection (1.2.0)
      rack
    rack-test (0.6.1)
      rack (>= 1.0)
    raindrops (0.8.0)
    riak-client (1.0.0)
      beefcake (~> 0.3.7)
      builder (>= 2.1.2)
      i18n (>= 0.4.0)
      multi_json (~> 1.0.0)
    simple_oauth (0.1.5)
    sinatra (1.3.2)
      rack (~> 1.3, >= 1.3.6)
      rack-protection (~> 1.2)
      tilt (~> 1.3, >= 1.3.3)
    slop (2.4.4)
    thor (0.14.6)
    tilt (1.3.3)
    twitter-stream (0.1.14)
      eventmachine (>= 0.12.8)
      http_parser.rb (~> 0.5.1)
      simple_oauth (~> 0.1.4)
    unicorn (4.2.1)
      kgio (~> 2.6)
      rack
      raindrops (~> 0.7)

PLATFORMS
  ruby

DEPENDENCIES
  excon
  foreman
  json_pure
  pry
  rack-test
  riak-client
  sinatra
  twitter-stream
  unicorn
